PATH
  remote: .
  specs:
    timekit_rb (0.1.1)
      curb (~> 0.9)

GEM
  remote: https://rubygems.org/
  specs:
    curb (0.9.9)
    minitest (5.11.3)
    minitest-focus (1.1.2)
      minitest (>= 4, < 6)
    rake (10.5.0)
    vcr (4.0.0)

PLATFORMS
  ruby

DEPENDENCIES
  bundler (~> 1.16)
  minitest (~> 5.0)
  minitest-focus (~> 1.1.2)
  rake (~> 10.0)
  timekit_rb!
  vcr (~> 4.0)

BUNDLED WITH
   1.16.2
