PATH
  remote: .
  specs:
    timekit_rb (0.1.1)
      curb (~> 0.9)

GEM
  remote: https://rubygems.org/
  specs:
    addressable (2.6.0)
      public_suffix (>= 2.0.2, < 4.0)
    crack (0.4.3)
      safe_yaml (~> 1.0.0)
    curb (0.9.9)
    hashdiff (0.3.8)
    minitest (5.11.3)
    minitest-focus (1.1.2)
      minitest (>= 4, < 6)
    public_suffix (3.0.3)
    rake (10.5.0)
    safe_yaml (1.0.5)
    vcr (4.0.0)
    webmock (3.5.1)
      addressable (>= 2.3.6)
      crack (>= 0.3.2)
      hashdiff

PLATFORMS
  ruby

DEPENDENCIES
  bundler (~> 1.16)
  minitest (~> 5.0)
  minitest-focus (~> 1.1.2)
  rake (~> 10.0)
  timekit_rb!
  vcr (~> 4.0)
  webmock (~> 3.5)

BUNDLED WITH
   1.16.2
